GEM
  remote: https://rubygems.org/
  specs:
    diff-lcs (1.3)
    file_utils (1.1.2)
    gemcutter (0.7.1)
    gemspec_deps_gen (1.1.2)
      bundler
      file_utils
    log4r (1.1.10)
    metaclass (0.0.4)
    mocha (1.2.1)
      metaclass (~> 0.0.1)
    rspec (3.6.0)
      rspec-core (~> 3.6.0)
      rspec-expectations (~> 3.6.0)
      rspec-mocks (~> 3.6.0)
    rspec-core (3.6.0)
      rspec-support (~> 3.6.0)
    rspec-expectations (3.6.0)
      diff-lcs (>= 1.2.0, < 2.0)
      rspec-support (~> 3.6.0)
    rspec-mocks (3.6.0)
      diff-lcs (>= 1.2.0, < 2.0)
      rspec-support (~> 3.6.0)
    rspec-support (3.6.0)
    thor (0.19.4)

PLATFORMS
  ruby

DEPENDENCIES
  gemcutter (~> 0.7)
  gemspec_deps_gen (~> 1.1)
  log4r
  mocha
  rspec
  thor (~> 0.19)

RUBY VERSION
   ruby 2.4.1p111

BUNDLED WITH
   1.15.3
